GEM
  remote: https://rubygems.org/
  specs:
    sinatra (1.4.7)
      rack (~> 1.5)
      rack-protection (~> 1.4)
      tilt (>= 1.3, < 3)

PLATFORMS
  ruby

DEPENDENCIES
  sinatra

BUNDLED WITH
   1.10.6
